GEM
  remote: http://rubygems.org/
  specs:
    addressable (2.2.4)
    configuration (1.2.0)
    faraday (0.5.7)
      addressable (~> 2.2.4)
      multipart-post (~> 1.1.0)
      rack (< 2, >= 1.1.0)
    faraday_middleware (0.3.2)
      faraday (~> 0.5.4)
    git (1.2.5)
    hashie (1.0.0)
    jeweler (1.5.2)
      bundler (~> 1.0.0)
      git (>= 1.2.5)
      rake
    launchy (0.4.0)
      configuration (>= 0.0.5)
      rake (>= 0.8.1)
    multi_json (0.0.5)
    multi_xml (0.2.2)
    multipart-post (1.1.0)
    oauth (0.4.4)
    rack (1.2.2)
    rake (0.8.7)
    rcov (0.9.9)
    shoulda (2.11.3)
    simple_oauth (0.1.4)
    twitter (1.2.0)
      faraday (~> 0.5.4)
      faraday_middleware (~> 0.3.2)
      hashie (~> 1.0.0)
      multi_json (~> 0.0.5)
      multi_xml (~> 0.2.0)
      simple_oauth (~> 0.1.4)

PLATFORMS
  ruby

DEPENDENCIES
  bundler (~> 1.0.0)
  jeweler (~> 1.5.2)
  launchy
  oauth
  rcov
  shoulda
  twitter
